GEM
  remote: https://rubygems.org/
  specs:
    iconv (1.0.4)
    kgio (2.9.2)
    rack (1.5.2)
    raindrops (0.13.0)
    unicorn (4.8.3)
      kgio (~> 2.6)
      rack
      raindrops (~> 0.7)

PLATFORMS
  ruby

DEPENDENCIES
  iconv
  rack
  unicorn
